STORAGE: NONE
NUGET
  remote: https://www.nuget.org/api/v2
    Mono.Options (5.3.0.1)
    NLog (2.0.1.2)

GROUP build
RESTRICTION: >= net40
NUGET
  remote: https://www.nuget.org/api/v2
    FAKE (4.63.2)
